GEM
  remote: https://rubygems.org/
  specs:
    mini_portile2 (2.8.4)
    net-http (0.1.1)
      net-protocol
      uri
    net-protocol (0.1.3)
      timeout
    nokogiri (1.14.3)
      mini_portile2 (~> 2.8.0)
      racc (~> 1.4)
    nokogiri (1.14.3-x86_64-darwin)
      racc (~> 1.4)
    nokogiri (1.14.3-x86_64-linux)
      racc (~> 1.4)
    racc (1.7.1)
    rubyzip (2.3.2)
    timeout (0.3.0)
    uri (0.12.2)

PLATFORMS
  ruby
  x86_64-darwin-21
  x86_64-linux

DEPENDENCIES
  net-http (~> 0.1.0)
  nokogiri (~> 1.14.3)
  rubyzip (~> 2.3.2)

BUNDLED WITH
   2.3.13
